PATH
  remote: .
  specs:
    my-first-gem (0.1.0)

GEM
  remote: https://rubygems.org/
  specs:
    rake (13.2.1)

PLATFORMS
  ruby
  x86_64-linux

DEPENDENCIES
  my-first-gem!
  rake (~> 13.0)

BUNDLED WITH
   2.5.10
